GEM
  remote: http://rubygems.org/
  specs:
    activesupport (8.0.2)
      base64
      benchmark (>= 0.3)
      bigdecimal
      concurrent-ruby (~> 1.0, >= 1.3.1)
      connection_pool (>= 2.2.5)
      drb
      i18n (>= 1.6, < 2)
      logger (>= 1.4.2)
      minitest (>= 5.1)
      securerandom (>= 0.3)
      tzinfo (~> 2.0, >= 2.0.5)
      uri (>= 0.13.1)
    addressable (2.8.7)
      public_suffix (>= 2.0.2, < 7.0)
    base64 (0.2.0)
    benchmark (0.4.0)
    bigdecimal (3.1.9)
    commonmarker (0.23.11)
    concurrent-ruby (1.3.5)
    connection_pool (2.5.0)
    deckar01-task_list (2.3.4)
      html-pipeline (~> 2.0)
    drb (2.2.1)
    eventmachine (1.2.7)
    faye-websocket (0.11.3)
      eventmachine (>= 0.12.0)
      websocket-driver (>= 0.5.1)
    ffi (1.17.1-aarch64-linux-gnu)
    ffi (1.17.1-aarch64-linux-musl)
    ffi (1.17.1-arm-linux-gnu)
    ffi (1.17.1-arm-linux-musl)
    ffi (1.17.1-arm64-darwin)
    ffi (1.17.1-x86_64-darwin)
    ffi (1.17.1-x86_64-linux-gnu)
    ffi (1.17.1-x86_64-linux-musl)
    gemoji (3.0.1)
    html-pipeline (2.12.3)
      activesupport (>= 2)
      nokogiri (>= 1.4)
    i18n (1.14.7)
      concurrent-ruby (~> 1.0)
    launchy (2.5.2)
      addressable (~> 2.8)
    listen (3.9.0)
      rb-fsevent (~> 0.10, >= 0.10.3)
      rb-inotify (~> 0.9, >= 0.9.10)
    logger (1.7.0)
    minitest (5.25.5)
    nio4r (2.7.4)
    nokogiri (1.18.6-aarch64-linux-gnu)
      racc (~> 1.4)
    nokogiri (1.18.6-aarch64-linux-musl)
      racc (~> 1.4)
    nokogiri (1.18.6-arm-linux-gnu)
      racc (~> 1.4)
    nokogiri (1.18.6-arm-linux-musl)
      racc (~> 1.4)
    nokogiri (1.18.6-arm64-darwin)
      racc (~> 1.4)
    nokogiri (1.18.6-x86_64-darwin)
      racc (~> 1.4)
    nokogiri (1.18.6-x86_64-linux-gnu)
      racc (~> 1.4)
    nokogiri (1.18.6-x86_64-linux-musl)
      racc (~> 1.4)
    octodown (1.9.2)
      commonmarker (~> 0.17)
      deckar01-task_list (~> 2.0)
      faye-websocket (~> 0.10)
      gemoji (>= 2, < 4)
      html-pipeline (>= 2.8, < 2.13)
      launchy (~> 2.4, >= 2.4.3)
      listen (~> 3.1)
      puma (>= 3.7, < 5.0)
      rack (~> 2.0)
      rouge (~> 3.1)
      tty-prompt (~> 0.16)
    pastel (0.8.0)
      tty-color (~> 0.5)
    public_suffix (6.0.1)
    puma (4.3.12)
      nio4r (~> 2.0)
    racc (1.8.1)
    rack (2.2.13)
    rake (13.2.1)
    rb-fsevent (0.11.2)
    rb-inotify (0.11.1)
      ffi (~> 1.0)
    rouge (3.30.0)
    securerandom (0.4.1)
    shellwords (0.2.2)
    tty-color (0.6.0)
    tty-cursor (0.7.1)
    tty-prompt (0.23.1)
      pastel (~> 0.8)
      tty-reader (~> 0.8)
    tty-reader (0.9.0)
      tty-cursor (~> 0.7)
      tty-screen (~> 0.8)
      wisper (~> 2.0)
    tty-screen (0.8.2)
    tzinfo (2.0.6)
      concurrent-ruby (~> 1.0)
    uri (1.0.3)
    websocket-driver (0.7.7)
      base64
      websocket-extensions (>= 0.1.0)
    websocket-extensions (0.1.5)
    wisper (2.0.1)

PLATFORMS
  aarch64-linux-gnu
  aarch64-linux-musl
  arm-linux-gnu
  arm-linux-musl
  arm64-darwin
  x86_64-darwin
  x86_64-linux-gnu
  x86_64-linux-musl

DEPENDENCIES
  octodown (~> 1.9.2)
  rake (~> 13.2.1)
  shellwords (~> 0.2.2)

BUNDLED WITH
   2.5.22
